GEM
  remote: https://rubygems.org/
  specs:
    backports (3.3.4)
    couchdb_basic (0.0.3)
      multi_json
      rest_client
      uri-handler
    diff-lcs (1.2.5)
    elasticsearch (1.0.1)
      elasticsearch-api (= 1.0.1)
      elasticsearch-transport (= 1.0.1)
    elasticsearch-api (1.0.1)
      multi_json
    elasticsearch-transport (1.0.1)
      faraday
      multi_json
    faraday (0.9.0)
      multipart-post (>= 1.2, < 3)
    kgio (2.9.2)
    multi_json (1.8.0)
    multipart-post (2.0.0)
    mustache (0.99.4)
    netrc (0.7.7)
    rack (1.5.2)
    rack-protection (1.5.0)
      rack
    rack-test (0.6.2)
      rack (>= 1.0)
    raindrops (0.13.0)
    rest_client (1.7.3)
      netrc (~> 0.7.7)
    rspec (2.14.1)
      rspec-core (~> 2.14.0)
      rspec-expectations (~> 2.14.0)
      rspec-mocks (~> 2.14.0)
    rspec-core (2.14.7)
    rspec-expectations (2.14.4)
      diff-lcs (>= 1.1.3, < 2.0)
    rspec-mocks (2.14.4)
    sinatra (1.4.3)
      rack (~> 1.4)
      rack-protection (~> 1.4)
      tilt (~> 1.3, >= 1.3.4)
    sinatra-config-file (1.0)
      sinatra-contrib
    sinatra-contrib (1.4.1)
      backports (>= 2.0)
      multi_json
      rack-protection
      rack-test
      sinatra (~> 1.4.0)
      tilt (~> 1.3)
    sinatra-mustache (0.1.0)
      mustache (~> 0.99)
      sinatra (~> 1)
      tilt (~> 1.3, ~> 1.2)
    tilt (1.4.1)
    unicorn (4.8.3)
      kgio (~> 2.6)
      rack
      raindrops (~> 0.7)
    uri-handler (1.0.2)

PLATFORMS
  java
  ruby

DEPENDENCIES
  couchdb_basic
  elasticsearch
  rack-test
  rspec
  sinatra
  sinatra-config-file
  sinatra-contrib
  sinatra-mustache
  unicorn
